PATH
  remote: .
  specs:
    says_services_client (2.1.0)
      activemodel (> 3.2.15)
      activerecord (> 3.2.15)
      activesupport (> 3.2.15)
      dalli (> 2.6.2)
      hashie (~> 2.1.1)
      typhoeus (~> 0.6.8)
      will_paginate (~> 3.0)

GEM
  remote: https://rubygems.org/
  specs:
    activemodel (4.1.1)
      activesupport (= 4.1.1)
      builder (~> 3.1)
    activerecord (4.1.1)
      activemodel (= 4.1.1)
      activesupport (= 4.1.1)
      arel (~> 5.0.0)
    activesupport (4.1.1)
      i18n (~> 0.6, >= 0.6.9)
      json (~> 1.7, >= 1.7.7)
      minitest (~> 5.1)
      thread_safe (~> 0.1)
      tzinfo (~> 1.1)
    arel (5.0.1.20140414130214)
    builder (3.2.2)
    dalli (2.6.4)
    diff-lcs (1.2.5)
    ethon (0.7.1)
      ffi (>= 1.3.0)
    ffi (1.9.5)
    hashie (2.1.2)
    i18n (0.6.11)
    json (1.8.1)
    minitest (5.3.4)
    rspec (2.14.1)
      rspec-core (~> 2.14.0)
      rspec-expectations (~> 2.14.0)
      rspec-mocks (~> 2.14.0)
    rspec-core (2.14.8)
    rspec-expectations (2.14.5)
      diff-lcs (>= 1.1.3, < 2.0)
    rspec-mocks (2.14.6)
    shoulda-matchers (2.6.2)
      activesupport (>= 3.0.0)
    sqlite3 (1.3.9)
    thread_safe (0.3.4)
    typhoeus (0.6.9)
      ethon (>= 0.7.1)
    tzinfo (1.2.1)
      thread_safe (~> 0.1)
    vcr (2.9.0)
    will_paginate (3.0.7)

PLATFORMS
  ruby

DEPENDENCIES
  rspec
  says_services_client!
  shoulda-matchers
  sqlite3
  vcr
