PATH
  remote: .
  specs:
    says_services_client (1.0.5)
      activemodel (> 3.2.15)
      activesupport (> 3.2.15)
      hashie (~> 2.1.1)
      typhoeus (~> 0.6.8)

GEM
  remote: https://rubygems.org/
  specs:
    activemodel (4.1.1)
      activesupport (= 4.1.1)
      builder (~> 3.1)
    activesupport (4.1.1)
      i18n (~> 0.6, >= 0.6.9)
      json (~> 1.7, >= 1.7.7)
      minitest (~> 5.1)
      thread_safe (~> 0.1)
      tzinfo (~> 1.1)
    builder (3.2.2)
    diff-lcs (1.2.5)
    ethon (0.7.0)
      ffi (>= 1.3.0)
    ffi (1.9.3)
    hashie (2.1.1)
    i18n (0.6.9)
    json (1.8.1)
    minitest (5.3.3)
    rspec (2.14.1)
      rspec-core (~> 2.14.0)
      rspec-expectations (~> 2.14.0)
      rspec-mocks (~> 2.14.0)
    rspec-core (2.14.8)
    rspec-expectations (2.14.5)
      diff-lcs (>= 1.1.3, < 2.0)
    rspec-mocks (2.14.6)
    sqlite3 (1.3.9)
    thread_safe (0.3.3)
    typhoeus (0.6.8)
      ethon (>= 0.7.0)
    tzinfo (1.1.0)
      thread_safe (~> 0.1)
    vcr (2.9.0)

PLATFORMS
  ruby

DEPENDENCIES
  rspec
  says_services_client!
  sqlite3
  vcr
